PATH
  remote: .
  specs:
    numerizer (0.2.0)

GEM
  remote: https://rubygems.org/
  specs:
    minitest (5.15.0)
    rake (13.0.6)

PLATFORMS
  ruby

DEPENDENCIES
  minitest (~> 5.0)
  numerizer!
  rake (~> 13)

BUNDLED WITH
   2.3.6
